GEM
  remote: https://rubygems.org/
  specs:
    faraday (0.15.2)
      multipart-post (>= 1.2, < 3)
    json (2.1.0)
    multipart-post (2.0.0)
    pickup (0.0.11)

PLATFORMS
  ruby

DEPENDENCIES
  faraday
  json
  pickup

BUNDLED WITH
   1.16.3
